GEM
  remote: https://rubygems.org/
  specs:
    cf-app-utils (0.6)
    coderay (1.1.3)
    method_source (1.0.0)
    mustermann (2.0.2)
      ruby2_keywords (~> 0.0.1)
    pry (0.14.0)
      coderay (~> 1.1)
      method_source (~> 1.0)
    rack (2.2.6.4)
    rack-protection (2.2.3)
      rack
    redis (4.2.5)
    ruby2_keywords (0.0.5)
    sinatra (2.2.3)
      mustermann (~> 2.0)
      rack (~> 2.2)
      rack-protection (= 2.2.3)
      tilt (~> 2.0)
    tilt (2.0.11)

PLATFORMS
  ruby

DEPENDENCIES
  cf-app-utils (~> 0.6)
  pry
  redis
  sinatra

BUNDLED WITH
   2.1.4
