GEM
  remote: https://rubygems.org/
  specs:
    base64 (0.2.0)
    cf-app-utils (0.6)
    coderay (1.1.3)
    logger (1.6.1)
    method_source (1.0.0)
    mustermann (3.0.3)
      ruby2_keywords (~> 0.0.1)
    nio4r (2.7.3)
    pry (0.14.0)
      coderay (~> 1.1)
      method_source (~> 1.0)
    puma (6.4.3)
      nio4r (~> 2.0)
    rack (3.1.10)
    rack-protection (4.1.0)
      base64 (>= 0.1.0)
      logger (>= 1.6.0)
      rack (>= 3.0.0, < 4)
    rack-session (2.0.0)
      rack (>= 3.0.0)
    redis (4.2.5)
    ruby2_keywords (0.0.5)
    sinatra (4.1.0)
      logger (>= 1.6.0)
      mustermann (~> 3.0)
      rack (>= 3.0.0, < 4)
      rack-protection (= 4.1.0)
      rack-session (>= 2.0.0, < 3)
      tilt (~> 2.0)
    tilt (2.4.0)

PLATFORMS
  ruby

DEPENDENCIES
  cf-app-utils (~> 0.6)
  pry
  puma
  redis
  sinatra

BUNDLED WITH
   2.1.4
