GIT
  remote: https://github.com/OfficeForProductSafetyAndStandards/govuk-design-system-rails
  revision: 03acb680418465e1a29cb93477248e71f66bc018
  tag: 0.9.7
  specs:
    govuk-design-system-rails (0.9.7)

GIT
  remote: https://github.com/zilkey/active_hash.git
  revision: 1c95f992af3ec94c07e19846f042e12bd0b11dd1
  ref: 1c95f99
  specs:
    active_hash (3.1.0)
      activesupport (>= 5.0.0)

GEM
  remote: https://rubygems.org/
  specs:
    aasm (5.2.0)
      concurrent-ruby (~> 1.0)
    actioncable (7.0.4)
      actionpack (= 7.0.4)
      activesupport (= 7.0.4)
      nio4r (~> 2.0)
      websocket-driver (>= 0.6.1)
    actionmailbox (7.0.4)
      actionpack (= 7.0.4)
      activejob (= 7.0.4)
      activerecord (= 7.0.4)
      activestorage (= 7.0.4)
      activesupport (= 7.0.4)
      mail (>= 2.7.1)
      net-imap
      net-pop
      net-smtp
    actionmailer (7.0.4)
      actionpack (= 7.0.4)
      actionview (= 7.0.4)
      activejob (= 7.0.4)
      activesupport (= 7.0.4)
      mail (~> 2.5, >= 2.5.4)
      net-imap
      net-pop
      net-smtp
      rails-dom-testing (~> 2.0)
    actionpack (7.0.4)
      actionview (= 7.0.4)
      activesupport (= 7.0.4)
      rack (~> 2.0, >= 2.2.0)
      rack-test (>= 0.6.3)
      rails-dom-testing (~> 2.0)
      rails-html-sanitizer (~> 1.0, >= 1.2.0)
    actiontext (7.0.4)
      actionpack (= 7.0.4)
      activerecord (= 7.0.4)
      activestorage (= 7.0.4)
      activesupport (= 7.0.4)
      globalid (>= 0.6.0)
      nokogiri (>= 1.8.5)
    actionview (7.0.4)
      activesupport (= 7.0.4)
      builder (~> 3.1)
      erubi (~> 1.4)
      rails-dom-testing (~> 2.0)
      rails-html-sanitizer (~> 1.1, >= 1.2.0)
    activejob (7.0.4)
      activesupport (= 7.0.4)
      globalid (>= 0.3.6)
    activemodel (7.0.4)
      activesupport (= 7.0.4)
    activerecord (7.0.4)
      activemodel (= 7.0.4)
      activesupport (= 7.0.4)
    activerecord-pg_enum (2.0.0)
      activerecord (>= 4.1.0)
      activesupport
      pg
    activestorage (7.0.4)
      actionpack (= 7.0.4)
      activejob (= 7.0.4)
      activerecord (= 7.0.4)
      activesupport (= 7.0.4)
      marcel (~> 1.0)
      mini_mime (>= 1.1.0)
    activesupport (7.0.4)
      concurrent-ruby (~> 1.0, >= 1.0.2)
      i18n (>= 1.6, < 2)
      minitest (>= 5.1)
      tzinfo (~> 2.0)
    addressable (2.8.1)
      public_suffix (>= 2.0.2, < 6.0)
    after_commit_everywhere (1.3.0)
      activerecord (>= 4.2)
      activesupport
    ansi (1.5.0)
    ast (2.4.2)
    aws-eventstream (1.2.0)
    aws-partitions (1.691.0)
    aws-sdk-core (3.168.4)
      aws-eventstream (~> 1, >= 1.0.2)
      aws-partitions (~> 1, >= 1.651.0)
      aws-sigv4 (~> 1.5)
      jmespath (~> 1, >= 1.6.1)
    aws-sdk-kms (1.61.0)
      aws-sdk-core (~> 3, >= 3.165.0)
      aws-sigv4 (~> 1.1)
    aws-sdk-s3 (1.60.2)
      aws-sdk-core (~> 3, >= 3.83.0)
      aws-sdk-kms (~> 1)
      aws-sigv4 (~> 1.1)
    aws-sigv4 (1.5.2)
      aws-eventstream (~> 1, >= 1.0.2)
    backport (1.2.0)
    bcrypt (3.1.18)
    benchmark (0.2.1)
    bindex (0.8.1)
    bootsnap (1.15.0)
      msgpack (~> 1.2)
    brakeman (4.7.2)
    builder (3.2.4)
    byebug (11.1.3)
    capybara (3.36.0)
      addressable
      matrix
      mini_mime (>= 0.1.3)
      nokogiri (~> 1.8)
      rack (>= 1.6.0)
      rack-test (>= 0.6.3)
      regexp_parser (>= 1.5, < 3.0)
      xpath (~> 3.2)
    capybara-screenshot (1.0.26)
      capybara (>= 1.0, < 4)
      launchy
    cf-app-utils (0.6)
    chronic_duration (0.10.6)
      numerizer (~> 0.1.1)
    chunky_png (1.4.0)
    coderay (1.1.3)
    concurrent-ruby (1.1.10)
    connection_pool (2.3.0)
    coveralls_reborn (0.22.0)
      simplecov (>= 0.18.1, < 0.22.0)
      term-ansicolor (~> 1.6)
      thor (>= 0.20.3, < 2.0)
      tins (~> 1.16)
    crack (0.4.5)
      rexml
    crass (1.0.6)
    date (3.3.3)
    devise (4.8.1)
      bcrypt (~> 3.0)
      orm_adapter (~> 0.1)
      railties (>= 4.1.0)
      responders
      warden (~> 1.2.3)
    devise-security (0.17.0)
      devise (>= 4.3.0)
    diff-lcs (1.5.0)
    docile (1.4.0)
    domain_name (0.5.20190701)
      unf (>= 0.0.5, < 1.0.0)
    dotenv (2.7.6)
    dotenv-rails (2.7.6)
      dotenv (= 2.7.6)
      railties (>= 3.2)
    e2mmap (0.1.0)
    elasticsearch (7.17.1)
      elasticsearch-api (= 7.17.1)
      elasticsearch-transport (= 7.17.1)
    elasticsearch-api (7.17.1)
      multi_json
    elasticsearch-model (7.2.1)
      activesupport (> 3)
      elasticsearch (~> 7)
      hashie
    elasticsearch-rails (7.2.1)
    elasticsearch-transport (7.17.1)
      faraday (~> 1)
      multi_json
    erubi (1.12.0)
    et-orbi (1.2.7)
      tzinfo
    factory_bot (6.2.1)
      activesupport (>= 5.0.0)
    factory_bot_rails (6.2.0)
      factory_bot (~> 6.2.0)
      railties (>= 5.0.0)
    faker (3.1.0)
      i18n (>= 1.8.11, < 2)
    faraday (1.10.2)
      faraday-em_http (~> 1.0)
      faraday-em_synchrony (~> 1.0)
      faraday-excon (~> 1.1)
      faraday-httpclient (~> 1.0)
      faraday-multipart (~> 1.0)
      faraday-net_http (~> 1.0)
      faraday-net_http_persistent (~> 1.0)
      faraday-patron (~> 1.0)
      faraday-rack (~> 1.0)
      faraday-retry (~> 1.0)
      ruby2_keywords (>= 0.0.4)
    faraday-em_http (1.0.0)
    faraday-em_synchrony (1.0.0)
    faraday-excon (1.1.0)
    faraday-httpclient (1.0.1)
    faraday-multipart (1.0.4)
      multipart-post (~> 2)
    faraday-net_http (1.0.1)
    faraday-net_http_persistent (1.2.0)
    faraday-patron (1.0.0)
    faraday-rack (1.0.0)
    faraday-retry (1.0.3)
    ffi (1.15.5)
    fugit (1.8.0)
      et-orbi (~> 1, >= 1.2.7)
      raabro (~> 1.4)
    globalid (1.0.0)
      activesupport (>= 5.0)
    govuk_notify_rails (2.1.2)
      notifications-ruby-client (~> 5.1)
      rails (>= 4.1.0)
    hashdiff (1.0.1)
    hashie (5.0.0)
    http-accept (1.7.0)
    http-cookie (1.0.5)
      domain_name (~> 0.5)
    i18n (1.12.0)
      concurrent-ruby (~> 1.0)
    image_processing (1.12.2)
      mini_magick (>= 4.9.5, < 5)
      ruby-vips (>= 2.0.17, < 3)
    interactor (3.1.2)
    jaro_winkler (1.5.4)
    jbuilder (2.11.5)
      actionview (>= 5.0.0)
      activesupport (>= 5.0.0)
    jmespath (1.6.2)
    jsbundling-rails (1.1.1)
      railties (>= 6.0.0)
    json (2.6.3)
    jwt (2.6.0)
    kaminari (1.2.2)
      activesupport (>= 4.1.0)
      kaminari-actionview (= 1.2.2)
      kaminari-activerecord (= 1.2.2)
      kaminari-core (= 1.2.2)
    kaminari-actionview (1.2.2)
      actionview
      kaminari-core (= 1.2.2)
    kaminari-activerecord (1.2.2)
      activerecord
      kaminari-core (= 1.2.2)
    kaminari-core (1.2.2)
    kramdown (2.4.0)
      rexml
    kramdown-parser-gfm (1.1.0)
      kramdown (~> 2.0)
    launchy (2.4.3)
      addressable (~> 2.3)
    lograge (0.11.2)
      actionpack (>= 4)
      activesupport (>= 4)
      railties (>= 4)
      request_store (~> 1.0)
    loofah (2.19.1)
      crass (~> 1.0.2)
      nokogiri (>= 1.5.9)
    mail (2.8.0.1)
      mini_mime (>= 0.1.1)
      net-imap
      net-pop
      net-smtp
    marcel (1.0.2)
    matrix (0.4.2)
    method_source (1.0.0)
    mime-types (3.4.1)
      mime-types-data (~> 3.2015)
    mime-types-data (3.2022.0105)
    mini_magick (4.9.5)
    mini_mime (1.1.2)
    minitest (5.17.0)
    msgpack (1.6.0)
    multi_json (1.15.0)
    multipart-post (2.2.3)
    net-imap (0.3.4)
      date
      net-protocol
    net-pop (0.1.2)
      net-protocol
    net-protocol (0.2.1)
      timeout
    net-smtp (0.3.3)
      net-protocol
    netrc (0.11.0)
    nio4r (2.5.8)
    nokogiri (1.13.10-arm64-darwin)
      racc (~> 1.4)
    nokogiri (1.13.10-x86_64-linux)
      racc (~> 1.4)
    notifications-ruby-client (5.4.0)
      jwt (>= 1.5, < 3)
    numerizer (0.1.1)
    okcomputer (1.18.4)
    orm_adapter (0.5.0)
    parallel (1.22.1)
    parser (3.2.0.0)
      ast (~> 2.4.1)
    pg (1.4.5)
    pry (0.14.2)
      coderay (~> 1.1)
      method_source (~> 1.0)
    pry-byebug (3.10.1)
      byebug (~> 11.0)
      pry (>= 0.13, < 0.15)
    public_suffix (5.0.1)
    puma (4.3.12)
      nio4r (~> 2.0)
    pundit (2.1.1)
      activesupport (>= 3.0.0)
    raabro (1.4.0)
    racc (1.6.2)
    rack (2.2.5)
    rack-protection (3.0.5)
      rack
    rack-proxy (0.7.4)
      rack
    rack-test (2.0.2)
      rack (>= 1.3)
    rack-timeout (0.6.3)
    rails (7.0.4)
      actioncable (= 7.0.4)
      actionmailbox (= 7.0.4)
      actionmailer (= 7.0.4)
      actionpack (= 7.0.4)
      actiontext (= 7.0.4)
      actionview (= 7.0.4)
      activejob (= 7.0.4)
      activemodel (= 7.0.4)
      activerecord (= 7.0.4)
      activestorage (= 7.0.4)
      activesupport (= 7.0.4)
      bundler (>= 1.15.0)
      railties (= 7.0.4)
    rails-controller-testing (1.0.5)
      actionpack (>= 5.0.1.rc1)
      actionview (>= 5.0.1.rc1)
      activesupport (>= 5.0.1.rc1)
    rails-dom-testing (2.0.3)
      activesupport (>= 4.2.0)
      nokogiri (>= 1.6)
    rails-html-sanitizer (1.4.4)
      loofah (~> 2.19, >= 2.19.1)
    railties (7.0.4)
      actionpack (= 7.0.4)
      activesupport (= 7.0.4)
      method_source
      rake (>= 12.2)
      thor (~> 1.0)
      zeitwerk (~> 2.5)
    rainbow (3.1.1)
    rake (13.0.6)
    redis (4.5.1)
    regexp_parser (2.6.1)
    request_store (1.5.1)
      rack (>= 1.4)
    responders (3.0.1)
      actionpack (>= 5.0)
      railties (>= 5.0)
    rest-client (2.1.0)
      http-accept (>= 1.7.0, < 2.0)
      http-cookie (>= 1.0.2, < 2.0)
      mime-types (>= 1.16, < 4.0)
      netrc (~> 0.8)
    reverse_markdown (2.1.1)
      nokogiri
    rexml (3.2.5)
    rotp (6.2.2)
    rqrcode (1.2.0)
      chunky_png (~> 1.0)
      rqrcode_core (~> 0.2)
    rqrcode_core (0.2.0)
    rspec (3.12.0)
      rspec-core (~> 3.12.0)
      rspec-expectations (~> 3.12.0)
      rspec-mocks (~> 3.12.0)
    rspec-collection_matchers (1.2.0)
      rspec-expectations (>= 2.99.0.beta1)
    rspec-core (3.12.0)
      rspec-support (~> 3.12.0)
    rspec-expectations (3.12.2)
      diff-lcs (>= 1.2.0, < 2.0)
      rspec-support (~> 3.12.0)
    rspec-html-matchers (0.9.4)
      nokogiri (~> 1)
      rspec (>= 3.0.0.a, < 4)
    rspec-mocks (3.12.2)
      diff-lcs (>= 1.2.0, < 2.0)
      rspec-support (~> 3.12.0)
    rspec-rails (6.0.1)
      actionpack (>= 6.1)
      activesupport (>= 6.1)
      railties (>= 6.1)
      rspec-core (~> 3.11)
      rspec-expectations (~> 3.11)
      rspec-mocks (~> 3.11)
      rspec-support (~> 3.11)
    rspec-support (3.12.0)
    rubocop (1.35.0)
      json (~> 2.3)
      parallel (~> 1.10)
      parser (>= 3.1.2.1)
      rainbow (>= 2.2.2, < 4.0)
      regexp_parser (>= 1.8, < 3.0)
      rexml (>= 3.2.5, < 4.0)
      rubocop-ast (>= 1.20.1, < 2.0)
      ruby-progressbar (~> 1.7)
      unicode-display_width (>= 1.4.0, < 3.0)
    rubocop-ast (1.21.0)
      parser (>= 3.1.1.0)
    rubocop-govuk (4.7.0)
      rubocop (= 1.35.0)
      rubocop-ast (= 1.21.0)
      rubocop-rails (= 2.15.2)
      rubocop-rake (= 0.6.0)
      rubocop-rspec (= 2.12.1)
    rubocop-performance (1.12.0)
      rubocop (>= 1.7.0, < 2.0)
      rubocop-ast (>= 0.4.0)
    rubocop-rails (2.15.2)
      activesupport (>= 4.2.0)
      rack (>= 1.1)
      rubocop (>= 1.7.0, < 2.0)
    rubocop-rake (0.6.0)
      rubocop (~> 1.0)
    rubocop-rspec (2.12.1)
      rubocop (~> 1.31)
    ruby-progressbar (1.11.0)
    ruby-vips (2.1.4)
      ffi (~> 1.12)
    ruby2_keywords (0.0.5)
    rubyzip (2.3.2)
    sassc (2.4.0)
      ffi (~> 1.9)
    sassc-rails (2.1.2)
      railties (>= 4.0.0)
      sassc (>= 2.0)
      sprockets (> 3.0)
      sprockets-rails
      tilt
    scout_apm (5.3.3)
      parser
    selenium-webdriver (4.7.1)
      rexml (~> 3.2, >= 3.2.5)
      rubyzip (>= 1.2.2, < 3.0)
      websocket (~> 1.0)
    semantic_range (3.0.0)
    sentry-rails (4.8.3)
      railties (>= 5.0)
      sentry-ruby-core (~> 4.8.3)
    sentry-ruby (4.8.3)
      concurrent-ruby (~> 1.0, >= 1.0.2)
      faraday (~> 1.0)
      sentry-ruby-core (= 4.8.3)
    sentry-ruby-core (4.8.3)
      concurrent-ruby
      faraday
    sentry-sidekiq (4.8.3)
      sentry-ruby-core (~> 4.8.3)
      sidekiq (>= 3.0)
    sidekiq (5.2.10)
      connection_pool (~> 2.2, >= 2.2.2)
      rack (~> 2.0)
      rack-protection (>= 1.5.0)
      redis (~> 4.5, < 4.6.0)
    sidekiq-cron (1.1.0)
      fugit (~> 1.1)
      sidekiq (>= 4.2.1)
    sidekiq-status (2.1.3)
      chronic_duration
      sidekiq (>= 5.0)
    simplecov (0.21.2)
      docile (~> 1.1)
      simplecov-html (~> 0.11)
      simplecov_json_formatter (~> 0.1)
    simplecov-console (0.6.0)
      ansi
      simplecov
      terminal-table
    simplecov-html (0.12.3)
    simplecov-lcov (0.7.0)
    simplecov_json_formatter (0.1.4)
    slowpoke (0.3.2)
      actionpack
      rack-timeout (>= 0.4.0)
      railties (>= 5)
    solargraph (0.44.3)
      backport (~> 1.2)
      benchmark
      bundler (>= 1.17.2)
      diff-lcs (~> 1.4)
      e2mmap
      jaro_winkler (~> 1.5)
      kramdown (~> 2.3)
      kramdown-parser-gfm (~> 1.1)
      parser (~> 3.0)
      reverse_markdown (>= 1.0.5, < 3)
      rubocop (>= 0.52)
      thor (~> 1.0)
      tilt (~> 2.0)
      yard (~> 0.9, >= 0.9.24)
    solargraph-rails (1.1.0)
      activesupport
      solargraph
    sprockets (3.7.2)
      concurrent-ruby (~> 1.0)
      rack (> 1, < 3)
    sprockets-rails (3.4.2)
      actionpack (>= 5.2)
      activesupport (>= 5.2)
      sprockets (>= 3.0.0)
    stimulus-rails (1.2.1)
      railties (>= 6.0.0)
    strong_migrations (1.4.1)
      activerecord (>= 5.2)
    sync (0.5.0)
    term-ansicolor (1.7.1)
      tins (~> 1.0)
    terminal-table (3.0.2)
      unicode-display_width (>= 1.1.1, < 3)
    thor (1.2.1)
    tilt (2.0.11)
    timeout (0.3.1)
    tins (1.32.1)
      sync
    tzinfo (2.0.5)
      concurrent-ruby (~> 1.0)
    unf (0.1.4)
      unf_ext
    unf_ext (0.0.8.2)
    unicode-display_width (2.4.2)
    warden (1.2.9)
      rack (>= 2.0.9)
    web-console (4.2.0)
      actionview (>= 6.0.0)
      activemodel (>= 6.0.0)
      bindex (>= 0.4.0)
      railties (>= 6.0.0)
    webdrivers (5.2.0)
      nokogiri (~> 1.6)
      rubyzip (>= 1.3.0)
      selenium-webdriver (~> 4.0)
    webmock (3.18.1)
      addressable (>= 2.8.0)
      crack (>= 0.3.2)
      hashdiff (>= 0.4.0, < 2.0.0)
    webpacker (5.4.3)
      activesupport (>= 5.2)
      rack-proxy (>= 0.6.1)
      railties (>= 5.2)
      semantic_range (>= 2.3.0)
    webrick (1.7.0)
    websocket (1.2.9)
    websocket-driver (0.7.5)
      websocket-extensions (>= 0.1.0)
    websocket-extensions (0.1.5)
    wicked (1.3.4)
      railties (>= 3.0.7)
    xpath (3.2.0)
      nokogiri (~> 1.8)
    yard (0.9.28)
      webrick (~> 1.7.0)
    zeitwerk (2.6.6)

PLATFORMS
  arm64-darwin-22
  x86_64-linux

DEPENDENCIES
  aasm (= 5.2.0)
  active_hash!
  activerecord-pg_enum
  after_commit_everywhere
  aws-sdk-s3 (~> 1.60.1)
  bootsnap
  brakeman (~> 4.7.2)
  capybara (~> 3.36.0)
  capybara-screenshot
  cf-app-utils (~> 0.6)
  coveralls_reborn (~> 0.22.0)
  devise
  devise-security
  dotenv-rails (~> 2.7.5)
  elasticsearch (= 7.17.1)
  elasticsearch-model
  elasticsearch-rails
  factory_bot_rails
  faker
  govuk-design-system-rails!
  govuk_notify_rails (~> 2.1.0)
  image_processing (~> 1.2)
  interactor
  jbuilder (~> 2.9)
  jsbundling-rails
  kaminari
  launchy (~> 2.4.3)
  lograge (~> 0.11.2)
  mini_magick (~> 4.9.4)
  okcomputer (~> 1.18.1)
  pg (~> 1.2)
  pry (~> 0.14.1)
  pry-byebug
  puma (~> 4.3)
  pundit (~> 2.1.0)
  rails (~> 7.0.1)
  rails-controller-testing (~> 1.0.4)
  request_store (~> 1.5.0)
  rest-client (~> 2.1.0)
  rotp (~> 6.2.0)
  rqrcode (~> 1.2.0)
  rspec-collection_matchers (~> 1.2.0)
  rspec-html-matchers (~> 0.9.4)
  rspec-rails (~> 6.0.0)
  rubocop (~> 1.35.0)
  rubocop-govuk (~> 4.7)
  rubocop-performance (~> 1.12.0)
  rubocop-rails (~> 2.15.2)
  rubocop-rspec (~> 2.12.1)
  rubyzip (~> 2.3.0)
  sassc-rails
  scout_apm
  selenium-webdriver (~> 4.1)
  sentry-rails (~> 4.8.1)
  sentry-ruby (~> 4.8.1)
  sentry-sidekiq (~> 4.8.1)
  sidekiq (~> 5.2.7)
  sidekiq-cron (~> 1.1.0)
  sidekiq-status (~> 2.1.3)
  simplecov (~> 0.21.2)
  simplecov-console (~> 0.6.0)
  simplecov-lcov (~> 0.7.0)
  slowpoke (~> 0.3.0)
  solargraph (~> 0.44.2)
  solargraph-rails
  stimulus-rails
  strong_migrations (~> 1.4.1)
  web-console
  webdrivers
  webmock (~> 3.8)
  webpacker (~> 5.0)
  webrick (~> 1.7)
  wicked (~> 1.3.4)

RUBY VERSION
   ruby 3.1.3p185

BUNDLED WITH
   2.3.26
