GEM
  remote: https://rubygems.org/
  specs:
    clamby (1.6.2)
    mustermann (1.1.1)
      ruby2_keywords (~> 0.0.1)
    rack (2.1.1)
    rack-protection (2.0.8.1)
      rack
    ruby2_keywords (0.0.2)
    sinatra (2.0.8.1)
      mustermann (~> 1.0)
      rack (~> 2.0)
      rack-protection (= 2.0.8.1)
      tilt (~> 2.0)
    tilt (2.0.10)

PLATFORMS
  ruby

DEPENDENCIES
  clamby (= 1.6.2)
  sinatra (= 2.0.8.1)

RUBY VERSION
   ruby 2.5.5p157

BUNDLED WITH
   1.17.3
