GEM
  remote: https://rubygems.org/
  specs:
    clamby (1.6.2)
    mustermann (1.0.3)
    rack (2.0.7)
    rack-protection (2.0.5)
      rack
    sinatra (2.0.5)
      mustermann (~> 1.0)
      rack (~> 2.0)
      rack-protection (= 2.0.5)
      tilt (~> 2.0)
    tilt (2.0.9)

PLATFORMS
  ruby

DEPENDENCIES
  clamby (= 1.6.2)
  sinatra (= 2.0.5)

RUBY VERSION
   ruby 2.5.5p157

BUNDLED WITH
   1.17.3
